GEM
  remote: https://rubygems.org/
  specs:
    json (2.1.0)
    ncurses-ruby (1.2.4)
    oj (3.5.0)
    perlin_noise (0.1.2)

PLATFORMS
  ruby

DEPENDENCIES
  json
  ncurses-ruby
  oj
  perlin_noise

BUNDLED WITH
   1.16.1
