GEM
  remote: https://rubygems.org/
  specs:
    ncurses-ruby (1.2.4)

PLATFORMS
  ruby

DEPENDENCIES
  ncurses-ruby
